PATH
  remote: .
  specs:
    threatexpert (0.2.1)
      crack (~> 0.4)
      multipart-post (~> 2.0)
      nokogiri (~> 1.6)

GEM
  remote: https://rubygems.org/
  specs:
    crack (0.4.2)
      safe_yaml (~> 1.0.0)
    mini_portile (0.6.2)
    minitest (5.5.1)
    multipart-post (2.0.0)
    nokogiri (1.6.6.2)
      mini_portile (~> 0.6.0)
    rake (10.4.2)
    safe_yaml (1.0.4)

PLATFORMS
  ruby

DEPENDENCIES
  bundler (~> 1.6)
  minitest (~> 5.5)
  rake
  threatexpert!
